GEM
  remote: http://rubygems.org/
  specs:
    json (1.6.5)
    log4r (1.1.10)
    nokogiri (1.5.0)
    test-unit (2.4.7)

PLATFORMS
  ruby

DEPENDENCIES
  json
  log4r
  nokogiri
  test-unit
