GEM
  remote: http://rubygems.org/
  specs:
    addressable (2.2.6)
    crack (0.3.1)
    json (1.6.5)
    log4r (1.1.10)
    nokogiri (1.5.0)
    test-unit (2.4.7)
    vcr (1.11.3)
    webmock (1.7.10)
      addressable (~> 2.2, > 2.2.5)
      crack (>= 0.1.7)

PLATFORMS
  ruby

DEPENDENCIES
  json
  log4r
  nokogiri
  test-unit
  vcr
  webmock
